GEM
  remote: http://rubygems.org/
  specs:
    atk (1.1.3)
      glib2 (>= 1.1.3)
    cairo (1.12.2)
      pkg-config
    gdk_pixbuf2 (1.1.3)
      glib2 (>= 1.1.3)
    glib2 (1.1.3)
      pkg-config
    green_shoes (1.1.362)
      gtk2
    gtk2 (1.1.3)
      atk (>= 1.1.3)
      gdk_pixbuf2 (>= 1.1.3)
      pango (>= 1.1.3)
    ipaddress (0.8.0)
    mixlib-cli (1.2.2)
    mixlib-config (1.1.2)
    mixlib-log (1.4.1)
    ohai (6.14.0)
      ipaddress
      mixlib-cli
      mixlib-config
      mixlib-log
      systemu
      yajl-ruby
    pango (1.1.3)
      cairo (>= 1.10.0)
      glib2 (>= 1.1.3)
    pkg-config (1.1.3)
    systemu (2.5.1)
    yajl-ruby (1.1.0)

PLATFORMS
  ruby

DEPENDENCIES
  green_shoes
  ohai
