GEM
  remote: http://rubygems.org/
  specs:
    atk (1.1.3)
      glib2 (>= 1.1.3)
    cairo (1.12.2)
      pkg-config
    clipboard (1.0.1)
    facter (1.6.10)
    gdk_pixbuf2 (1.1.3)
      glib2 (>= 1.1.3)
    glib2 (1.1.3)
      pkg-config
    green_shoes (1.1.362)
      gtk2
    gtk2 (1.1.3)
      atk (>= 1.1.3)
      gdk_pixbuf2 (>= 1.1.3)
      pango (>= 1.1.3)
    pango (1.1.3)
      cairo (>= 1.10.0)
      glib2 (>= 1.1.3)
    pkg-config (1.1.3)

PLATFORMS
  ruby

DEPENDENCIES
  clipboard
  facter
  green_shoes
